PATH
  remote: .
  specs:
    athena-cli (0.0.1)
      gli (= 2.5.2)
      jdbc-helper

GEM
  remote: https://rubygems.org/
  specs:
    aruba (0.14.2)
      childprocess (~> 0.5.6)
      contracts (~> 0.9)
      cucumber (>= 1.3.19)
      ffi (~> 1.9.10)
      rspec-expectations (>= 2.99)
      thor (~> 0.19)
    builder (3.2.3)
    childprocess (0.5.9)
      ffi (~> 1.0, >= 1.0.11)
    coderay (1.1.1)
    contracts (0.15.0)
    cucumber (2.4.0)
      builder (>= 2.1.2)
      cucumber-core (~> 1.5.0)
      cucumber-wire (~> 0.0.1)
      diff-lcs (>= 1.1.3)
      gherkin (~> 4.0)
      multi_json (>= 1.7.5, < 2.0)
      multi_test (>= 0.1.2)
    cucumber-core (1.5.0)
      gherkin (~> 4.0)
    cucumber-wire (0.0.1)
    diff-lcs (1.3)
    ffi (1.9.18-java)
    gherkin (4.0.0)
    gli (2.5.2)
    insensitive_hash (0.3.3)
    jdbc-helper (0.8.2)
      insensitive_hash (>= 0.2.4)
      sql_helper (~> 0.1.1)
    method_source (0.8.2)
    multi_json (1.12.1)
    multi_test (0.1.2)
    pry (0.10.4-java)
      coderay (~> 1.1.0)
      method_source (~> 0.8.1)
      slop (~> 3.4)
      spoon (~> 0.0)
    rake (12.0.0)
    rdoc (5.1.0)
    rspec-expectations (3.5.0)
      diff-lcs (>= 1.2.0, < 2.0)
      rspec-support (~> 3.5.0)
    rspec-support (3.5.0)
    slop (3.6.0)
    spoon (0.0.6)
      ffi
    sql_helper (0.1.1)
    thor (0.19.4)

PLATFORMS
  java

DEPENDENCIES
  aruba
  athena-cli!
  pry
  rake
  rdoc

BUNDLED WITH
   1.14.6
